PATH
  remote: .
  specs:
    scms (4.2.6)
      cprobert-s3sync
      filewatcher
      launchy
      listen
      maruku
      nokogiri
      packr
      sass
      webrick

GEM
  remote: https://rubygems.org/
  specs:
    addressable (2.3.5)
    celluloid (0.15.2)
      timers (~> 1.1.0)
    cprobert-s3sync (1.4.1)
    ffi (1.9.3-x86-mingw32)
    filewatcher (0.3.2)
      trollop (>= 1.16.2)
    launchy (2.4.2)
      addressable (~> 2.3)
    listen (2.4.0)
      celluloid (>= 0.15.2)
      rb-fsevent (>= 0.9.3)
      rb-inotify (>= 0.9)
    maruku (0.7.1)
    mini_portile (0.5.2)
    nokogiri (1.6.1-x86-mingw32)
      mini_portile (~> 0.5.0)
    oyster (0.9.5)
    packr (3.2.1)
      oyster (>= 0.9.5)
    rake (10.1.1)
    rb-fsevent (0.9.4)
    rb-inotify (0.9.3)
      ffi (>= 0.5.0)
    sass (3.2.13)
    timers (1.1.0)
    trollop (2.0)
    webrick (1.3.1)

PLATFORMS
  x86-mingw32

DEPENDENCIES
  rake
  scms!
